GEM
  remote: https://rubygems.org/
  specs:
    aspector (0.14.0)
    coderay (1.1.2)
    concurrent-ruby (1.0.5)
    concurrent-ruby-ext (1.0.5)
      concurrent-ruby (= 1.0.5)
    facter (2.5.1)
    method_source (0.8.2)
    minitest (5.11.3)
    pry (0.10.4)
      coderay (~> 1.1.0)
      method_source (~> 0.8.1)
      slop (~> 3.4)
    pry-nav (0.2.4)
      pry (>= 0.9.10, < 0.11.0)
    slop (3.6.0)

PLATFORMS
  ruby

DEPENDENCIES
  aspector
  concurrent-ruby
  concurrent-ruby-ext
  facter
  minitest
  pry
  pry-nav

BUNDLED WITH
   1.16.1
